GEM
  remote: https://rubygems.org/
  specs:
    ast (2.4.0)
    binding_of_caller (0.8.0)
      debug_inspector (>= 0.0.1)
    byebug (9.0.6)
    coderay (1.1.2)
    debug_inspector (0.0.3)
    method_source (0.9.0)
    parallel (1.12.1)
    parser (2.4.0.2)
      ast (~> 2.3)
    powerpack (0.1.1)
    pry (0.11.3)
      coderay (~> 1.1.0)
      method_source (~> 0.9.0)
    pry-byebug (3.4.3)
      byebug (>= 9.0, < 9.1)
      pry (~> 0.10)
    pry-doc (0.12.0)
      pry (~> 0.9)
      yard (~> 0.9)
    pry-stack_explorer (0.4.9.2)
      binding_of_caller (>= 0.7)
      pry (>= 0.9.11)
    rainbow (2.2.2)
      rake
    rake (12.3.0)
    rubocop (0.50.0)
      parallel (~> 1.10)
      parser (>= 2.3.3.1, < 3.0)
      powerpack (~> 0.1)
      rainbow (>= 2.2.2, < 3.0)
      ruby-progressbar (~> 1.7)
      unicode-display_width (~> 1.0, >= 1.0.1)
    ruby-debug-ide (0.6.0)
      rake (>= 0.8.1)
    ruby-progressbar (1.9.0)
    unicode-display_width (1.3.0)
    yard (0.9.12)

PLATFORMS
  ruby

DEPENDENCIES
  pry-byebug
  pry-doc
  pry-stack_explorer
  rubocop
  ruby-debug-ide (= 0.6.0)

RUBY VERSION
   ruby 2.0.0p648

BUNDLED WITH
   1.16.1
